GEM
  remote: https://rubygems.org/
  specs:
    bubble-wrap (1.9.5)
    motion-yaml (1.6.1)
    rake (10.5.0)

PLATFORMS
  ruby

DEPENDENCIES
  bubble-wrap
  motion-yaml
  rake

BUNDLED WITH
   1.11.2
